GEM
  remote: https://rubygems.org/
  specs:
    json (2.3.1)

PLATFORMS
  x86_64-linux

DEPENDENCIES
  json

RUBY VERSION
   ruby 2.6.6p146

BUNDLED WITH
   2.2.1
